GEM
  remote: https://rubygems.org/
  specs:
    haml (5.1.2)
      temple (>= 0.8.0)
      tilt
    icalendar (2.6.1)
      ice_cube (~> 0.16)
    ice_cube (0.16.3)
    mini_portile2 (2.5.1)
    nokogiri (1.11.4)
      mini_portile2 (~> 2.5.0)
      racc (~> 1.4)
    racc (1.5.2)
    temple (0.8.2)
    tilt (2.0.10)
    wareki (1.1.0)
      ya_kansuji (> 0.0.9, < 2.0.0)
    ya_kansuji (0.2.0)

PLATFORMS
  ruby

DEPENDENCIES
  haml
  icalendar
  nokogiri
  wareki

BUNDLED WITH
   2.1.4
