GEM
  remote: https://rubygems.org/
  specs:
    haml (6.3.0)
      temple (>= 0.8.2)
      thor
      tilt
    icalendar (2.10.1)
      ice_cube (~> 0.16)
    ice_cube (0.16.4)
    mini_portile2 (2.8.5)
    nokogiri (1.16.2)
      mini_portile2 (~> 2.8.2)
      racc (~> 1.4)
    racc (1.7.3)
    temple (0.10.3)
    thor (1.3.0)
    tilt (2.3.0)
    wareki (1.1.0)
      ya_kansuji (> 0.0.9, < 2.0.0)
    ya_kansuji (0.2.0)

PLATFORMS
  ruby

DEPENDENCIES
  haml
  icalendar
  nokogiri
  wareki

BUNDLED WITH
   2.1.4
